GIT
  remote: https://github.com/indirect/dalli.git
  revision: 4be6be64e643eaaef76310ad6e67ffef8ce32980
  specs:
    dalli (2.7.4)

GIT
  remote: https://github.com/indirect/metriks-librato_metrics.git
  revision: 15bcaf51dad18b4e7d6f29fb7f7adc7eaf215c5d
  specs:
    metriks-librato_metrics (1.0.3)
      metriks (>= 0.9.9.6)

GEM
  remote: https://rubygems.org/
  specs:
    aggregate (0.2.2)
    appsignal (0.11.6.beta.0)
      rack
      thread_safe
    artifice (0.6)
      rack-test
    ast (2.2.0)
    atomic (1.1.99)
    avl_tree (1.2.1)
      atomic (~> 1.1)
    byebug (8.2.1)
    coderay (1.1.0)
    compact_index (0.10.0)
    coveralls (0.8.13)
      json (~> 1.8)
      simplecov (~> 0.11.0)
      term-ansicolor (~> 1.3)
      thor (~> 0.19.1)
      tins (~> 1.6.0)
    diff-lcs (1.2.5)
    docile (1.1.5)
    dotenv (2.0.2)
    faraday (0.9.2)
      multipart-post (>= 1.2, < 3)
    foreman (0.78.0)
      thor (~> 0.19.1)
    hitimes (1.2.3)
    json (1.8.3)
    librato-metrics (1.6.0)
      aggregate (~> 0.2.2)
      faraday (~> 0.7)
      multi_json
    lock-smith (1.0.0)
    method_source (0.8.2)
    metriks (0.9.9.7)
      atomic (~> 1.0)
      avl_tree (~> 1.2.0)
      hitimes (~> 1.1)
    metriks-middleware (2.1.1)
      metriks (~> 0.9.9)
    multi_json (1.11.2)
    multipart-post (2.0.0)
    parser (2.3.0.6)
      ast (~> 2.2)
    pg (0.18.4)
    powerpack (0.1.1)
    pry (0.10.3)
      coderay (~> 1.1.0)
      method_source (~> 0.8.1)
      slop (~> 3.4)
    pry-byebug (3.3.0)
      byebug (~> 8.0)
      pry (~> 0.10)
    puma (3.0.0)
    rack (1.6.4)
    rack-protection (1.5.3)
      rack
    rack-test (0.6.3)
      rack (>= 1.0)
    rainbow (2.1.0)
    rake (10.4.2)
    redis (3.2.2)
    rspec-core (3.4.3)
      rspec-support (~> 3.4.0)
    rspec-expectations (3.4.0)
      diff-lcs (>= 1.2.0, < 2.0)
      rspec-support (~> 3.4.0)
    rspec-mocks (3.4.1)
      diff-lcs (>= 1.2.0, < 2.0)
      rspec-support (~> 3.4.0)
    rspec-support (3.4.1)
    rubocop (0.37.2)
      parser (>= 2.3.0.4, < 3.0)
      powerpack (~> 0.1)
      rainbow (>= 1.99.1, < 3.0)
      ruby-progressbar (~> 1.7)
      unicode-display_width (~> 0.3)
    ruby-progressbar (1.7.5)
    sequel (4.30.0)
    sequel_pg (1.6.13)
      pg (>= 0.8.0)
      sequel (>= 3.39.0)
    simplecov (0.11.2)
      docile (~> 1.1.0)
      json (~> 1.8)
      simplecov-html (~> 0.10.0)
    simplecov-html (0.10.0)
    sinatra (1.4.6)
      rack (~> 1.4)
      rack-protection (~> 1.4)
      tilt (>= 1.3, < 3)
    slop (3.6.0)
    term-ansicolor (1.3.2)
      tins (~> 1.0)
    thor (0.19.1)
    thread_safe (0.3.5)
    tilt (2.0.2)
    tins (1.6.0)
    unicode-display_width (0.3.1)

PLATFORMS
  ruby

DEPENDENCIES
  appsignal (= 0.11.6.beta.0)
  artifice
  compact_index
  coveralls
  dalli!
  dotenv
  foreman
  json
  librato-metrics
  lock-smith
  metriks-librato_metrics!
  metriks-middleware
  pg
  pry-byebug
  puma
  rack-test
  rake
  redis
  rspec-core
  rspec-expectations
  rspec-mocks
  rubocop
  sequel
  sequel_pg
  sinatra

RUBY VERSION
   ruby 2.3.0p0

BUNDLED WITH
   1.12.0.rc
